GEM
  remote: http://www.rubygems.org/
  specs:
    diff-lcs (1.2.4)
    rr (1.0.5)
    rspec-core (2.13.1)
    rspec-expectations (2.13.0)
      diff-lcs (>= 1.1.3, < 2.0)
    rspec-mocks (2.13.1)

PLATFORMS
  ruby

DEPENDENCIES
  rr
  rspec-core
  rspec-expectations
  rspec-mocks
